PATH
  remote: .
  specs:
    repro-client (0.0.0)

GEM
  remote: https://rubygems.org/
  specs:
    minitest (5.10.3)
    rake (12.3.0)

PLATFORMS
  ruby

DEPENDENCIES
  bundler
  minitest
  rake
  repro-client!

BUNDLED WITH
   1.16.1
