PATH
  remote: .
  specs:
    repro-client (0.0.0)
      faraday

GEM
  remote: https://rubygems.org/
  specs:
    faraday (0.13.1)
      multipart-post (>= 1.2, < 3)
    minitest (5.10.3)
    multipart-post (2.0.0)
    rake (12.3.0)

PLATFORMS
  ruby

DEPENDENCIES
  bundler
  minitest
  rake
  repro-client!

BUNDLED WITH
   1.16.1
